PATH
  remote: .
  specs:
    swiftly (3.0.1)
      activesupport (~> 4.0.1)
      awesome_print (~> 1.6.1)
      git (~> 1.2.6)
      mina (~> 0.3.7)
      rubyzip (~> 1.0.0)
      thor (~> 0.19.1)

GEM
  remote: http://rubygems.org/
  specs:
    activesupport (4.0.13)
      i18n (~> 0.6, >= 0.6.9)
      minitest (~> 4.2)
      multi_json (~> 1.3)
      thread_safe (~> 0.1)
      tzinfo (~> 0.3.37)
    awesome_print (1.6.1)
    git (1.2.9.1)
    i18n (0.7.0)
    mina (0.3.7)
      open4 (~> 1.3.4)
      rake
    minitest (4.7.5)
    multi_json (1.11.2)
    open4 (1.3.4)
    rake (10.4.2)
    rubyzip (1.0.0)
    thor (0.19.1)
    thread_safe (0.3.5)
    tzinfo (0.3.44)

PLATFORMS
  ruby

DEPENDENCIES
  swiftly!

BUNDLED WITH
   1.10.5
