PATH
  remote: .
  specs:
    obi (3.0.0)
      git (~> 1.2.6)
      rubyzip (~> 1.0.0)
      thor (~> 0.18.1)

GEM
  remote: http://rubygems.org/
  specs:
    git (1.2.6)
    rubyzip (1.0.0)
    thor (0.18.1)

PLATFORMS
  ruby

DEPENDENCIES
  obi!
